GIT
  remote: git://github.com/opal/opal-sprockets.git
  revision: e1cdd7325faa62444a7b6aa3d83753cc999265d7
  specs:
    opal-sprockets (0.2.1)
      opal (~> 0.4.4)
      sprockets

PATH
  remote: /home/meh/projects/opal/browser
  specs:
    opal-browser (0.1.0)
      opal (>= 0.4.3)

PATH
  remote: /home/meh/projects/opal/lissio
  specs:
    lissio (0.1.0)
      opal (>= 0.4.1)
      opal-browser
      opal-sprockets
      rack

PATH
  remote: /home/meh/projects/opal/opal
  specs:
    opal (0.4.4)
      source_map

GEM
  remote: http://rubygems.org/
  specs:
    hike (1.2.3)
    json (1.8.1)
    multi_json (1.8.2)
    rack (1.5.2)
    sass (3.2.12)
    source_map (3.0.1)
      json
    sprockets (2.10.0)
      hike (~> 1.2)
      multi_json (~> 1.0)
      rack (~> 1.0)
      tilt (~> 1.1, != 1.3.0)
    sprockets-sass (1.0.2)
      sprockets (~> 2.0)
      tilt (~> 1.1)
    tilt (1.4.1)

PLATFORMS
  ruby

DEPENDENCIES
  lissio!
  opal!
  opal-browser!
  opal-sprockets!
  sass
  sprockets
  sprockets-sass
